GEM
  remote: http://rubygems.org/
  specs:
    diff-lcs (1.1.3)
    rack (1.1.3)
    rack-test (0.6.1)
      rack (>= 1.0)
    rake (0.9.2.2)
    rspec (2.0.0)
      rspec-core (= 2.0.0)
      rspec-expectations (= 2.0.0)
      rspec-mocks (= 2.0.0)
    rspec-core (2.0.0)
    rspec-expectations (2.0.0)
      diff-lcs (>= 1.1.2)
    rspec-mocks (2.0.0)
      rspec-core (= 2.0.0)
      rspec-expectations (= 2.0.0)
    sinatra (0.9.4)
      rack (>= 0.9.1)
    sinatra-respond_to (0.4.0)
      sinatra (>= 0.9.4)

PLATFORMS
  java

DEPENDENCIES
  rack-test
  rake
  rspec
  sinatra
  sinatra-respond_to
